GEM
  remote: https://rubygems.org/
  specs:
    thor (1.4.0)

PLATFORMS
  x86_64-linux

DEPENDENCIES
  thor

BUNDLED WITH
   2.3.15
